GEM
  remote: https://rubygems.org/
  specs:
    rake (10.1.0)
    streamio-ffmpeg (1.0.0)

PLATFORMS
  ruby

DEPENDENCIES
  bundler
  rake
  streamio-ffmpeg
